GEM
  remote: https://rubygems.org/
  specs:
    ruby-beautify (0.97.2)

PLATFORMS
  ruby

DEPENDENCIES
  ruby-beautify
